GEM
  remote: https://rubygems.org/
  specs:
    mini_portile2 (2.1.0)
    nokogiri (1.8.1)
      mini_portile2 (~> 2.1.0)
    rack (1.6.8)
    rack-protection (1.5.3)
      rack
    sinatra (1.4.8)
      rack (~> 1.5)
      rack-protection (~> 1.4)
      tilt (>= 1.3, < 3)
    tilt (2.0.8)

PLATFORMS
  ruby

DEPENDENCIES
  nokogiri (~> 1.8, >= 1.8.1)
  sinatra (~> 1.4.6, >= 1.4.7)

BUNDLED WITH
   1.16.0
